PATH
  remote: .
  specs:
    kinesis (0.0.1)
      aws-sdk (~> 2)
      concurrent-ruby (~> 1.0)

GEM
  remote: https://rubygems.org/
  specs:
    aws-eventstream (1.1.0)
    aws-sdk (2.11.589)
      aws-sdk-resources (= 2.11.589)
    aws-sdk-core (2.11.589)
      aws-sigv4 (~> 1.0)
      jmespath (~> 1.0)
    aws-sdk-resources (2.11.589)
      aws-sdk-core (= 2.11.589)
    aws-sigv4 (1.2.2)
      aws-eventstream (~> 1, >= 1.0.2)
    concurrent-ruby (1.1.7)
    diff-lcs (1.4.4)
    jmespath (1.4.0)
    rake (13.0.1)
    rspec (3.9.0)
      rspec-core (~> 3.9.0)
      rspec-expectations (~> 3.9.0)
      rspec-mocks (~> 3.9.0)
    rspec-core (3.9.2)
      rspec-support (~> 3.9.3)
    rspec-expectations (3.9.2)
      diff-lcs (>= 1.2.0, < 2.0)
      rspec-support (~> 3.9.0)
    rspec-mocks (3.9.1)
      diff-lcs (>= 1.2.0, < 2.0)
      rspec-support (~> 3.9.0)
    rspec-support (3.9.3)

PLATFORMS
  ruby

DEPENDENCIES
  bundler
  kinesis!
  rake (~> 13.0)
  rspec (~> 3)

BUNDLED WITH
   2.1.4
