PATH
  remote: .
  specs:
    kinesis (1.0.2)
      activesupport
      aws-sdk-dynamodb (~> 1)
      aws-sdk-kinesis (~> 1)
      concurrent-ruby (~> 1.0)

GEM
  remote: https://rubygems.org/
  specs:
    activesupport (6.1.4)
      concurrent-ruby (~> 1.0, >= 1.0.2)
      i18n (>= 1.6, < 2)
      minitest (>= 5.1)
      tzinfo (~> 2.0)
      zeitwerk (~> 2.3)
    ast (2.4.1)
    aws-eventstream (1.1.1)
    aws-partitions (1.465.0)
    aws-sdk-core (3.114.0)
      aws-eventstream (~> 1, >= 1.0.2)
      aws-partitions (~> 1, >= 1.239.0)
      aws-sigv4 (~> 1.1)
      jmespath (~> 1.0)
    aws-sdk-dynamodb (1.60.0)
      aws-sdk-core (~> 3, >= 3.112.0)
      aws-sigv4 (~> 1.1)
    aws-sdk-kinesis (1.32.0)
      aws-sdk-core (~> 3, >= 3.112.0)
      aws-sigv4 (~> 1.1)
    aws-sigv4 (1.2.3)
      aws-eventstream (~> 1, >= 1.0.2)
    concurrent-ruby (1.1.8)
    diff-lcs (1.4.4)
    i18n (1.8.10)
      concurrent-ruby (~> 1.0)
    jmespath (1.4.0)
    minitest (5.14.4)
    parallel (1.20.1)
    parser (3.0.0.0)
      ast (~> 2.4.1)
    rainbow (3.0.0)
    rake (13.0.1)
    regexp_parser (2.0.3)
    rexml (3.2.5)
    rspec (3.9.0)
      rspec-core (~> 3.9.0)
      rspec-expectations (~> 3.9.0)
      rspec-mocks (~> 3.9.0)
    rspec-core (3.9.2)
      rspec-support (~> 3.9.3)
    rspec-expectations (3.9.2)
      diff-lcs (>= 1.2.0, < 2.0)
      rspec-support (~> 3.9.0)
    rspec-mocks (3.9.1)
      diff-lcs (>= 1.2.0, < 2.0)
      rspec-support (~> 3.9.0)
    rspec-support (3.9.3)
    rspec_junit_formatter (0.4.1)
      rspec-core (>= 2, < 4, != 2.12.0)
    rubocop (1.7.0)
      parallel (~> 1.10)
      parser (>= 2.7.1.5)
      rainbow (>= 2.2.2, < 4.0)
      regexp_parser (>= 1.8, < 3.0)
      rexml
      rubocop-ast (>= 1.2.0, < 2.0)
      ruby-progressbar (~> 1.7)
      unicode-display_width (>= 1.4.0, < 2.0)
    rubocop-ast (1.4.0)
      parser (>= 2.7.1.5)
    ruby-progressbar (1.11.0)
    tzinfo (2.0.4)
      concurrent-ruby (~> 1.0)
    unicode-display_width (1.7.0)
    zeitwerk (2.4.2)

PLATFORMS
  ruby

DEPENDENCIES
  bundler
  kinesis!
  rake (~> 13.0)
  rspec (~> 3)
  rspec_junit_formatter
  rubocop

BUNDLED WITH
   2.1.4
